GEM
  specs:
    axlsx (1.3.6)
      htmlentities (~> 4.3.1)
      nokogiri (>= 1.4.1)
      rubyzip (>= 0.9.5)
    htmlentities (4.3.1)
    mini_portile (0.5.1)
    nokogiri (1.6.0-x86-mingw32)
      mini_portile (~> 0.5.0)
    rubyzip (0.9.9)

PLATFORMS
  x86-mingw32

DEPENDENCIES
  axlsx (~> 1.3.6)
